GIT
  remote: git@github.com:kmuto/review.git
  revision: 552ec907cc9ed7d1acd543c5e68ae06452390a00
  specs:
    review (1.3.0)

GEM
  remote: https://rubygems.org/
  specs:

PLATFORMS
  ruby

DEPENDENCIES
  review!
