GIT
  remote: git@github.com:kmuto/review.git
  revision: 2a20a0904a6380ff44af77ee1224f4035af62ea3
  specs:
    review (2.0.0)
      rubyzip

GEM
  remote: https://rubygems.org/
  specs:
    rubyzip (1.2.3)

PLATFORMS
  ruby

DEPENDENCIES
  review!

BUNDLED WITH
   1.12.5
