GIT
  remote: git@github.com:kmuto/review.git
  revision: 6d6473af2d15369a466b3cd50d8f14fba28a6e64
  specs:
    review (2.0.0)
      rubyzip

GEM
  remote: https://rubygems.org/
  specs:
    rubyzip (1.2.0)

PLATFORMS
  ruby

DEPENDENCIES
  review!

BUNDLED WITH
   1.12.1
